GEM
  remote: http://rubygems.org/
  specs:
    activemodel (3.0.3)
      activesupport (= 3.0.3)
      builder (~> 2.1.2)
      i18n (~> 0.4)
    activerecord (3.0.3)
      activemodel (= 3.0.3)
      activesupport (= 3.0.3)
      arel (~> 2.0.2)
      tzinfo (~> 0.3.23)
    activesupport (3.0.3)
    arel (2.0.6)
    builder (2.1.2)
    columnize (0.3.1)
    crack (0.1.8)
    diff-lcs (1.1.2)
    factory_girl (1.3.2)
    gyoku (0.2.0)
      builder (>= 2.1.2)
    httpi (0.7.8)
      rack
    i18n (0.5.0)
    ibm_db (2.5.5)
      activerecord (>= 1.15.1)
    linecache (0.43)
    log4r (1.1.9)
    mocha (0.9.8)
      rake
    rack (1.2.1)
    rake (0.8.7)
    rspec (2.4.0)
      rspec-core (~> 2.4.0)
      rspec-expectations (~> 2.4.0)
      rspec-mocks (~> 2.4.0)
    rspec-core (2.4.0)
    rspec-expectations (2.4.0)
      diff-lcs (~> 1.1.2)
    rspec-mocks (2.4.0)
    ruby-debug (0.10.3)
      columnize (>= 0.1)
      ruby-debug-base (~> 0.10.3.0)
    ruby-debug-base (0.10.3)
      linecache (>= 0.3)
    savon (0.8.3)
      builder (>= 2.1.2)
      crack (~> 0.1.8)
      gyoku (>= 0.2.0)
      httpi (>= 0.7.8)
    tzinfo (0.3.23)
    xml-simple (1.0.12)

PLATFORMS
  ruby

DEPENDENCIES
  activerecord (= 3.0.3)
  activesupport (= 3.0.3)
  factory_girl
  ibm_db
  log4r
  mocha
  rake (= 0.8.7)
  rspec (= 2.4)
  ruby-debug
  savon
  xml-simple
